GEM
  remote: https://rubygems.org/
  specs:
    axiom-types (0.1.1)
      descendants_tracker (~> 0.0.4)
      ice_nine (~> 0.11.0)
      thread_safe (~> 0.3, >= 0.3.1)
    backports (3.10.3)
    byebug (9.1.0)
    coercible (1.0.0)
      descendants_tracker (~> 0.0.1)
    descendants_tracker (0.0.4)
      thread_safe (~> 0.3, >= 0.3.1)
    dotenv (2.2.1)
    equalizer (0.0.11)
    faraday (0.13.1)
      multipart-post (>= 1.2, < 3)
    ice_nine (0.11.2)
    inflecto (0.0.2)
    multi_json (1.12.2)
    multipart-post (2.0.0)
    mustermann (1.0.1)
    rack (2.0.3)
    rack-protection (2.0.0)
      rack
    sinatra (2.0.0)
      mustermann (~> 1.0)
      rack (~> 2.0)
      rack-protection (= 2.0.0)
      tilt (~> 2.0)
    sinatra-contrib (2.0.0)
      backports (>= 2.0)
      multi_json
      mustermann (~> 1.0)
      rack-protection (= 2.0.0)
      sinatra (= 2.0.0)
      tilt (>= 1.3, < 3)
    telegram-bot-ruby (0.8.6.1)
      faraday
      inflecto
      virtus
    thread_safe (0.3.6)
    tilt (2.0.8)
    virtus (1.0.5)
      axiom-types (~> 0.1)
      coercible (~> 1.0)
      descendants_tracker (~> 0.0, >= 0.0.3)
      equalizer (~> 0.0, >= 0.0.9)

PLATFORMS
  ruby

DEPENDENCIES
  byebug
  dotenv
  sinatra
  sinatra-contrib
  telegram-bot-ruby

RUBY VERSION
   ruby 2.3.4p301

BUNDLED WITH
   1.16.0
